PATH
  remote: .
  specs:
    orb_archetyper (1.0.2)
      activesupport
      ansi (~> 1.4)
      git (~> 1.2)
      github_project (~> 1.0)
      orb_logger (~> 1.0)

GEM
  remote: http://gemserver.va.opower.it/
  specs:
    activesupport (4.1.6)
      i18n (~> 0.6, >= 0.6.9)
      json (~> 1.7, >= 1.7.7)
      minitest (~> 5.1)
      thread_safe (~> 0.1)
      tzinfo (~> 1.1)
    addressable (2.3.6)
    annotation_manager (1.0.0)
      mustache-patched
      rake-notes (~> 0.2)
    ansi (1.4.3)
    ast (2.0.0)
    astrolabe (1.3.0)
      parser (>= 2.2.0.pre.3, < 3.0)
    blue-daemons (1.1.11)
    bluepill (0.0.68)
      activesupport (>= 3, < 5)
      blue-daemons (~> 1.1.11)
      i18n (~> 0.5)
      state_machine (~> 1.1)
    build_lifecycle (0.0.1)
      nexus (~> 1.2)
      orb_logger (~> 1.0)
      test_support (~> 1.0)
    capistrano (2.15.5)
      highline
      net-scp (>= 1.0.0)
      net-sftp (>= 2.0.0)
      net-ssh (>= 2.0.14)
      net-ssh-gateway (>= 1.1.0)
    colored (1.2)
    diff-lcs (1.2.5)
    docile (1.1.5)
    faraday (0.9.0)
      multipart-post (>= 1.2, < 3)
    fuubar (2.0.0)
      rspec (~> 3.0)
      ruby-progressbar (~> 1.4)
    git (1.2.7)
    github_project (1.0.0)
      git (~> 1.2)
      octokit (~> 2.7)
    highline (1.6.21)
    i18n (0.6.11)
    json (1.8.1)
    minitest (5.4.1)
    multi_json (1.10.1)
    multipart-post (2.0.0)
    mustache-patched (0.99.5)
    net-scp (1.2.1)
      net-ssh (>= 2.6.5)
    net-sftp (2.1.2)
      net-ssh (>= 2.6.5)
    net-ssh (2.9.1)
    net-ssh-gateway (1.2.0)
      net-ssh (>= 2.6.5)
    nexus (1.2.1)
    octokit (2.7.2)
      sawyer (~> 0.5.2)
    opower-deployment (0.1.2)
      bluepill (~> 0.0.60)
      capistrano (~> 2.15.1)
      opower-tier (~> 0.1.0)
      rvm-capistrano (~> 1.3.0)
    opower-tier (0.1.3)
    orb_configuration (1.0.0)
      activesupport (>= 3.0.0)
      recursive-open-struct (~> 0.5)
    orb_logger (1.0.0)
      orb_configuration (~> 1.0)
    parser (2.2.0.pre.5)
      ast (>= 1.1, < 3.0)
      slop (~> 3.4, >= 3.4.5)
    powerpack (0.0.9)
    rainbow (2.0.0)
    rake (10.3.2)
    rake-notes (0.2.0)
      colored
      rake
    recursive-open-struct (0.5.0)
    redcarpet (2.3.0)
    rspec (3.1.0)
      rspec-core (~> 3.1.0)
      rspec-expectations (~> 3.1.0)
      rspec-mocks (~> 3.1.0)
    rspec-core (3.1.4)
      rspec-support (~> 3.1.0)
    rspec-expectations (3.1.1)
      diff-lcs (>= 1.2.0, < 2.0)
      rspec-support (~> 3.1.0)
    rspec-extra-formatters (1.0.0)
    rspec-legacy_formatters (1.0.0)
      rspec-core (>= 3.0.0.beta2)
      rspec-support (>= 3.0.0.beta2)
    rspec-mocks (3.1.1)
      rspec-support (~> 3.1.0)
    rspec-support (3.1.0)
    rubocop (0.26.1)
      astrolabe (~> 1.3)
      parser (>= 2.2.0.pre.4, < 3.0)
      powerpack (~> 0.0.6)
      rainbow (>= 1.99.1, < 3.0)
      ruby-progressbar (~> 1.4)
    ruby-progressbar (1.6.0)
    rvm-capistrano (1.3.4)
      capistrano (>= 2.0.0)
    sawyer (0.5.4)
      addressable (~> 2.3.5)
      faraday (~> 0.8, < 0.10)
    simplecov (0.9.1)
      docile (~> 1.1.0)
      multi_json (~> 1.0)
      simplecov-html (~> 0.8.0)
    simplecov-html (0.8.0)
    slop (3.6.0)
    state_machine (1.2.0)
    test_support (1.0.0)
      annotation_manager (~> 1.0)
      fuubar (~> 2.0)
      opower-deployment (= 0.1.2)
      orb_configuration (~> 1.0)
      orb_logger (~> 1.0)
      rake (~> 10.1)
      redcarpet (~> 2.3)
      rspec (~> 3.1)
      rspec-extra-formatters (~> 1.0)
      rspec-legacy_formatters (~> 1.0)
      rubocop (~> 0.24)
      simplecov (~> 0.7)
      yard (~> 0.8)
    thread_safe (0.3.4)
    tzinfo (1.2.2)
      thread_safe (~> 0.1)
    yard (0.8.7.4)

PLATFORMS
  ruby

DEPENDENCIES
  annotation_manager (~> 1.0)
  build_lifecycle (~> 0.0.1)
  opower-deployment (= 0.1.2)
  orb_archetyper!
  rake (~> 10.1)
  redcarpet (~> 2.3)
  rubocop (~> 0.24)
  simplecov (~> 0.7)
  yard (~> 0.8)
