PATH
  remote: .
  specs:
    orb_archetyper (2.12.0)
      activesupport
      ansi (~> 1.4)
      git (~> 1.2)
      orb_github_project (~> 1.1)
      orb_logger (~> 1.0)
      semver2 (~> 3.4)
      thor (~> 0.18)

GEM
  remote: https://gemserver.va.opower.it/
  specs:
    activesupport (4.2.4)
      i18n (~> 0.7)
      json (~> 1.7, >= 1.7.7)
      minitest (~> 5.1)
      thread_safe (~> 0.3, >= 0.3.4)
      tzinfo (~> 1.1)
    addressable (2.3.8)
    annotation_manager (1.0.0)
      mustache-patched
      rake-notes (~> 0.2)
    ansi (1.5.0)
    ast (2.1.0)
    astrolabe (1.3.1)
      parser (~> 2.2)
    blue-daemons (1.1.11)
    bluepill (0.0.70)
      activesupport (>= 3.2, < 5)
      blue-daemons (~> 1.1)
      state_machine (~> 1.1)
    capistrano (2.15.6)
      highline
      net-scp (>= 1.0.0)
      net-sftp (>= 2.0.0)
      net-ssh (>= 2.0.14)
      net-ssh-gateway (>= 1.1.0)
    colored (1.2)
    diff-lcs (1.2.5)
    docile (1.1.5)
    faraday (0.9.0)
      multipart-post (>= 1.2, < 3)
    fuubar (2.0.0)
      rspec (~> 3.0)
      ruby-progressbar (~> 1.4)
    git (1.2.9.1)
    highline (1.7.8)
    i18n (0.7.0)
    json (1.8.3)
    minitest (5.8.1)
    multipart-post (2.0.0)
    mustache-patched (0.99.5)
    net-scp (1.2.1)
      net-ssh (>= 2.6.5)
    net-sftp (2.1.2)
      net-ssh (>= 2.6.5)
    net-ssh (2.9.2)
    net-ssh-gateway (1.2.0)
      net-ssh (>= 2.6.5)
    nexus (1.2.1)
    nexus-client (0.0.5)
      faraday (= 0.9.0)
      nokogiri (~> 1.5.5)
    nokogiri (1.5.11)
    octokit (4.1.1)
      sawyer (~> 0.6.0, >= 0.5.3)
    opower-deployment (0.3.1)
      bluepill (~> 0.0.60)
      capistrano (~> 2.15.1)
      net-ssh (< 3)
      opower-tier (~> 0.1.0)
      rvm-capistrano (~> 1.3.0)
    opower-tier (0.1.3)
    orb_build_lifecycle (3.0.0)
      nexus (~> 1.2)
      orb_github_project (~> 1.1)
      orb_logger (~> 1.0)
      orb_test_support (~> 3.0)
      semver2 (~> 3.4)
    orb_configuration (1.2.0)
      activesupport
      recursive-open-struct (~> 0.5)
    orb_github_project (1.1.1)
      git (~> 1.2)
      octokit (~> 4.0)
    orb_logger (1.1.0)
      orb_configuration (~> 1.0)
    orb_test_support (3.1.2)
      annotation_manager (~> 1.0)
      fuubar (~> 2.0)
      nexus-client (~> 0.0.4)
      opower-deployment (= 0.3.1)
      orb_configuration (~> 1.0)
      orb_logger (~> 1.0)
      rake (~> 10.1)
      redcarpet (~> 2.3)
      rspec (>= 3.0, < 3.3)
      rspec-extra-formatters (~> 1.0)
      rspec-legacy_formatters (~> 1.0)
      rubocop (= 0.26.1)
      should_not (~> 1.1)
      simplecov (~> 0.7)
      yard (~> 0.8)
    parser (2.3.0.pre.2)
      ast (>= 1.1, < 3.0)
    powerpack (0.0.9)
    rainbow (2.0.0)
    rake (10.4.2)
    rake-notes (0.2.0)
      colored
      rake
    recursive-open-struct (0.6.3)
    redcarpet (2.3.0)
    rspec (3.2.0)
      rspec-core (~> 3.2.0)
      rspec-expectations (~> 3.2.0)
      rspec-mocks (~> 3.2.0)
    rspec-core (3.2.3)
      rspec-support (~> 3.2.0)
    rspec-expectations (3.2.1)
      diff-lcs (>= 1.2.0, < 2.0)
      rspec-support (~> 3.2.0)
    rspec-extra-formatters (1.0.0)
    rspec-legacy_formatters (1.0.0)
      rspec-core (>= 3.0.0.beta2)
      rspec-support (>= 3.0.0.beta2)
    rspec-mocks (3.2.1)
      diff-lcs (>= 1.2.0, < 2.0)
      rspec-support (~> 3.2.0)
    rspec-support (3.2.2)
    rubocop (0.26.1)
      astrolabe (~> 1.3)
      parser (>= 2.2.0.pre.4, < 3.0)
      powerpack (~> 0.0.6)
      rainbow (>= 1.99.1, < 3.0)
      ruby-progressbar (~> 1.4)
    ruby-progressbar (1.7.5)
    rvm-capistrano (1.3.4)
      capistrano (>= 2.0.0)
    sawyer (0.6.0)
      addressable (~> 2.3.5)
      faraday (~> 0.8, < 0.10)
    semver2 (3.4.2)
    should_not (1.1.0)
    simplecov (0.10.0)
      docile (~> 1.1.0)
      json (~> 1.8)
      simplecov-html (~> 0.10.0)
    simplecov-html (0.10.0)
    state_machine (1.2.0)
    thor (0.19.1)
    thread_safe (0.3.5)
    tzinfo (1.2.2)
      thread_safe (~> 0.1)
    yard (0.8.7.6)

PLATFORMS
  ruby

DEPENDENCIES
  orb_archetyper!
  orb_build_lifecycle (~> 3.0)
  orb_test_support (~> 3.1)

BUNDLED WITH
   1.10.6
