PATH
  remote: .
  specs:
    orb-archetyper (0.0.4)
      activesupport
      ansi (= 1.4.3)
      git (= 1.2.6)
      github_project (= 0.0.2)
      orb_logger (= 0.0.1)

GEM
  remote: http://gemserver.va.opower.it/
  specs:
    activesupport (4.0.8)
      i18n (~> 0.6, >= 0.6.9)
      minitest (~> 4.2)
      multi_json (~> 1.3)
      thread_safe (~> 0.1)
      tzinfo (~> 0.3.37)
    addressable (2.3.6)
    annotation_manager (0.0.2)
      mustache-patched
      rake-notes (~> 0.2.0)
    ansi (1.4.3)
    ast (2.0.0)
    blue-daemons (1.1.11)
    bluepill (0.0.67)
      activesupport (>= 3, < 4.1)
      blue-daemons (~> 1.1.11)
      i18n (~> 0.5)
      state_machine (~> 1.1)
    capistrano (2.15.5)
      highline
      net-scp (>= 1.0.0)
      net-sftp (>= 2.0.0)
      net-ssh (>= 2.0.14)
      net-ssh-gateway (>= 1.1.0)
    colored (1.2)
    diff-lcs (1.2.5)
    faraday (0.9.0)
      multipart-post (>= 1.2, < 3)
    fuubar (1.3.2)
      rspec (>= 2.14.0, < 3.1.0)
      ruby-progressbar (~> 1.3)
    git (1.2.6)
    github_project (0.0.2)
      git (~> 1.2)
      octokit (~> 2.7)
    highline (1.6.21)
    i18n (0.6.11)
    json (1.8.1)
    minitest (4.7.5)
    multi_json (1.10.1)
    multipart-post (2.0.0)
    mustache-patched (0.99.5)
    net-scp (1.2.1)
      net-ssh (>= 2.6.5)
    net-sftp (2.1.2)
      net-ssh (>= 2.6.5)
    net-ssh (2.9.1)
    net-ssh-gateway (1.2.0)
      net-ssh (>= 2.6.5)
    octokit (2.7.2)
      sawyer (~> 0.5.2)
    opower-deployment (0.1.2)
      bluepill (~> 0.0.60)
      capistrano (~> 2.15.1)
      opower-tier (~> 0.1.0)
      rvm-capistrano (~> 1.3.0)
    opower-tier (0.1.1)
    orb_logger (0.0.1)
    parser (2.2.0.pre.3)
      ast (>= 1.1, < 3.0)
      slop (~> 3.4, >= 3.4.5)
    powerpack (0.0.9)
    rainbow (2.0.0)
    rake (10.1.1)
    rake-notes (0.2.0)
      colored
      rake
    redcarpet (2.3.0)
    rspec (2.14.1)
      rspec-core (~> 2.14.0)
      rspec-expectations (~> 2.14.0)
      rspec-mocks (~> 2.14.0)
    rspec-core (2.14.8)
    rspec-expectations (2.14.5)
      diff-lcs (>= 1.1.3, < 2.0)
    rspec-extra-formatters (0.4)
    rspec-mocks (2.14.6)
    rubocop (0.24.0)
      json (>= 1.7.7, < 2)
      parser (>= 2.2.0.pre.2, < 3.0)
      powerpack (~> 0.0.6)
      rainbow (>= 1.99.1, < 3.0)
      ruby-progressbar (~> 1.4)
    ruby-progressbar (1.5.1)
    rvm-capistrano (1.3.4)
      capistrano (>= 2.0.0)
    sawyer (0.5.4)
      addressable (~> 2.3.5)
      faraday (~> 0.8, < 0.10)
    simplecov (0.7.1)
      multi_json (~> 1.0)
      simplecov-html (~> 0.7.1)
    simplecov-html (0.7.1)
    slop (3.5.0)
    state_machine (1.2.0)
    test_support (0.0.2)
      orb_logger (= 0.0.1)
    thread_safe (0.3.4)
    tzinfo (0.3.40)
    yard (0.8.7.4)

PLATFORMS
  ruby

DEPENDENCIES
  annotation_manager (= 0.0.2)
  fuubar (= 1.3.2)
  opower-deployment
  orb-archetyper!
  rake (= 10.1.1)
  redcarpet (~> 2.3.0)
  rspec (= 2.14.1)
  rspec-extra-formatters (= 0.4)
  rubocop (= 0.24.0)
  simplecov (= 0.7.1)
  test_support (= 0.0.2)
  yard (~> 0.8.7)
